GEM
  remote: https://rubygems.org/
  specs:
    crass (1.0.5)
    feedjira (3.0.0)
      loofah (>= 2.2.1)
      sax-machine (>= 1.0)
    loofah (2.3.1)
      crass (~> 1.0.2)
      nokogiri (>= 1.5.9)
    mini_portile2 (2.4.0)
    nokogiri (1.10.5)
      mini_portile2 (~> 2.4.0)
    sax-machine (1.3.2)

PLATFORMS
  ruby

DEPENDENCIES
  feedjira

BUNDLED WITH
   1.17.2
